GEM
  remote: https://rubygems.org/
  specs:
    cpf_cnpj (0.5.0)

PLATFORMS
  x86_64-linux

DEPENDENCIES
  cpf_cnpj (~> 0.5.0)

BUNDLED WITH
   2.4.20
